GEM
  remote: https://rubygems.org/
  specs:
    aws-s3 (0.6.3)
      builder
      mime-types
      xml-simple
    builder (3.2.2)
    mail (2.6.3)
      mime-types (>= 1.16, < 3)
    mime-types (2.99)
    pony (1.11)
      mail (>= 2.0)
    rack (1.6.4)
    rack-protection (1.5.3)
      rack
    sinatra (1.4.6)
      rack (~> 1.4)
      rack-protection (~> 1.4)
      tilt (>= 1.3, < 3)
    tilt (2.0.1)
    xml-simple (1.1.5)

PLATFORMS
  java
  ruby
  x64-mingw32

DEPENDENCIES
  aws-s3 (~> 0.6.3)
  pony (~> 1.11)
  sinatra (~> 1.4.0)

BUNDLED WITH
   1.11.2
